GEM
  specs:
    fxruby (1.6.46-x64-mingw-ucrt)
      mini_portile2 (~> 2.1)
    mini_portile2 (2.8.2)
    rake (13.0.6)
    sqlite3 (1.6.3-x64-mingw-ucrt)

PLATFORMS
  x64-mingw-ucrt

DEPENDENCIES
  fxruby
  rake
  sqlite3

BUNDLED WITH
   2.4.13
