GEM
  specs:
    rake (13.0.6)
    sqlite3 (1.6.3-x64-mingw-ucrt)

PLATFORMS
  x64-mingw-ucrt

DEPENDENCIES
  rake
  sqlite3

BUNDLED WITH
   2.4.13
